GIT
  remote: https://github.com/mnyrop/wax-cli.git
  revision: 97e8127ff1c187e413523d8aee4ea3e4dbd5d2ad
  branch: main
  specs:
    wax-cli (0.1.0)
      dry-configurable
      parallel
      pdf-reader
      rainbow (~> 3.1)
      ruby-progressbar
      ruby-vips
      thor (~> 1.2)
      wax_iiif

GEM
  remote: https://rubygems.org/
  specs:
    Ascii85 (1.1.0)
    afm (0.2.2)
    concurrent-ruby (1.2.2)
    dry-configurable (1.1.0)
      dry-core (~> 1.0, < 2)
      zeitwerk (~> 2.6)
    dry-core (1.0.1)
      concurrent-ruby (~> 1.0)
      zeitwerk (~> 2.6)
    ffi (1.16.2)
    hashery (2.1.2)
    highline (2.1.0)
    mini_magick (4.12.0)
    options (2.3.2)
    parallel (1.23.0)
    pdf-reader (2.11.0)
      Ascii85 (~> 1.0)
      afm (~> 0.2.1)
      hashery (~> 2.0)
      ruby-rc4
      ttfunk
    progress_bar (1.3.3)
      highline (>= 1.6, < 3)
      options (~> 2.3.0)
    rainbow (3.1.1)
    ruby-progressbar (1.13.0)
    ruby-rc4 (0.1.5)
    ruby-vips (2.1.4)
      ffi (~> 1.12)
    thor (1.2.2)
    ttfunk (1.7.0)
    wax_iiif (0.2.0)
      mini_magick (~> 4.9)
      parallel (~> 1.17)
      progress_bar (~> 1.3)
      rainbow (~> 3.0)
    zeitwerk (2.6.12)

PLATFORMS
  arm64-darwin-22

DEPENDENCIES
  wax-cli!

BUNDLED WITH
   2.4.19
